GEM
  remote: https://rubygems.org/
  specs:
    diff-lcs (1.3)
    given_core (3.8.0)
      sorcerer (>= 0.3.7)
    rspec (3.7.0)
      rspec-core (~> 3.7.0)
      rspec-expectations (~> 3.7.0)
      rspec-mocks (~> 3.7.0)
    rspec-core (3.7.0)
      rspec-support (~> 3.7.0)
    rspec-expectations (3.7.0)
      diff-lcs (>= 1.2.0, < 2.0)
      rspec-support (~> 3.7.0)
    rspec-given (3.8.0)
      given_core (= 3.8.0)
      rspec (>= 2.14.0)
    rspec-mocks (3.7.0)
      diff-lcs (>= 1.2.0, < 2.0)
      rspec-support (~> 3.7.0)
    rspec-support (3.7.0)
    sorcerer (1.0.2)

PLATFORMS
  ruby

DEPENDENCIES
  rspec
  rspec-given

BUNDLED WITH
   1.16.0
